GEM
  remote: https://rubygems.org/
  specs:
    actioncable (5.1.6.1)
      actionpack (= 5.1.6.1)
      nio4r (~> 2.0)
      websocket-driver (~> 0.6.1)
    actionmailer (5.1.6.1)
      actionpack (= 5.1.6.1)
      actionview (= 5.1.6.1)
      activejob (= 5.1.6.1)
      mail (~> 2.5, >= 2.5.4)
      rails-dom-testing (~> 2.0)
    actionpack (5.1.6.1)
      actionview (= 5.1.6.1)
      activesupport (= 5.1.6.1)
      rack (~> 2.0)
      rack-test (>= 0.6.3)
      rails-dom-testing (~> 2.0)
      rails-html-sanitizer (~> 1.0, >= 1.0.2)
    actionview (5.1.6.1)
      activesupport (= 5.1.6.1)
      builder (~> 3.1)
      erubi (~> 1.4)
      rails-dom-testing (~> 2.0)
      rails-html-sanitizer (~> 1.0, >= 1.0.3)
    activejob (5.1.6.1)
      activesupport (= 5.1.6.1)
      globalid (>= 0.3.6)
    activemodel (5.1.6.1)
      activesupport (= 5.1.6.1)
    activerecord (5.1.6.1)
      activemodel (= 5.1.6.1)
      activesupport (= 5.1.6.1)
      arel (~> 8.0)
    activesupport (5.1.6.1)
      concurrent-ruby (~> 1.0, >= 1.0.2)
      i18n (>= 0.7, < 2)
      minitest (~> 5.1)
      tzinfo (~> 1.1)
    addressable (2.5.1)
      public_suffix (~> 2.0, >= 2.0.2)
    ansi (1.5.0)
    arel (8.0.0)
    ast (2.4.0)
    aws-sdk (2.3.7)
      aws-sdk-resources (= 2.3.7)
    aws-sdk-core (2.3.7)
      jmespath (~> 1.0)
    aws-sdk-rails (1.0.1)
      aws-sdk-resources (~> 2)
      railties (>= 3)
    aws-sdk-resources (2.3.7)
      aws-sdk-core (= 2.3.7)
    bootsnap (1.3.2)
      msgpack (~> 1.0)
    builder (3.2.3)
    byebug (8.2.4)
    coderay (1.1.0)
    concurrent-ruby (1.1.4)
    connection_pool (2.2.1)
    crack (0.4.3)
      safe_yaml (~> 1.0.0)
    crass (1.0.4)
    curb (0.8.8)
    database_cleaner (1.7.0)
    diff-lcs (1.3)
    docile (1.1.5)
    dotenv (2.2.1)
    dotenv-rails (2.2.1)
      dotenv (= 2.2.1)
      railties (>= 3.2, < 5.2)
    elasticsearch (6.1.0)
      elasticsearch-api (= 6.1.0)
      elasticsearch-transport (= 6.1.0)
    elasticsearch-api (6.1.0)
      multi_json
    elasticsearch-extensions (0.0.30)
      ansi
      elasticsearch
    elasticsearch-transport (6.1.0)
      faraday
      multi_json
    erubi (1.8.0)
    et-orbi (1.0.5)
      tzinfo
    factory_girl (4.8.0)
      activesupport (>= 3.0.0)
    factory_girl_rails (4.8.0)
      factory_girl (~> 4.8.0)
      railties (>= 3.0.0)
    fakefs (0.11.0)
    faraday (0.12.2)
      multipart-post (>= 1.2, < 3)
    ffi (1.10.0)
    foreman (0.63.0)
      dotenv (>= 0.7)
      thor (>= 0.13.6)
    forgery (0.7.0)
    gds-sso (13.2.0)
      multi_json (~> 1.0)
      oauth2 (~> 1.0)
      omniauth (~> 1.2)
      omniauth-gds (~> 3.2)
      rails (>= 4.2.4)
      warden (~> 1.2)
      warden-oauth2 (~> 0.0.1)
    globalid (0.4.1)
      activesupport (>= 4.2.0)
    govuk-lint (3.10.0)
      rubocop (~> 0.58)
      rubocop-rspec (~> 1.28)
      scss_lint
    hashdiff (0.3.2)
    hashie (3.5.6)
    holidays (5.6.0)
    i18n (1.5.3)
      concurrent-ruby (~> 1.0)
    jaro_winkler (1.5.2)
    jmespath (1.4.0)
    json (2.0.4)
    json_expressions (0.9.0)
    jwt (1.5.6)
    launchy (2.4.3)
      addressable (~> 2.3)
    letter_opener (1.6.0)
      launchy (~> 2.2)
    lograge (0.5.1)
      actionpack (>= 4, < 5.2)
      activesupport (>= 4, < 5.2)
      railties (>= 4, < 5.2)
    logstash-event (1.2.02)
    loofah (2.2.3)
      crass (~> 1.0.2)
      nokogiri (>= 1.5.9)
    mail (2.7.1)
      mini_mime (>= 0.1.1)
    method_source (0.8.2)
    mini_mime (1.0.1)
    mini_portile2 (2.3.0)
    minitest (5.11.3)
    msgpack (1.2.6)
    multi_json (1.13.1)
    multi_xml (0.6.0)
    multipart-post (2.0.0)
    mustermann (1.0.2)
    nio4r (2.3.1)
    nokogiri (1.8.5)
      mini_portile2 (~> 2.3.0)
    oauth2 (1.4.0)
      faraday (>= 0.8, < 0.13)
      jwt (~> 1.0)
      multi_json (~> 1.3)
      multi_xml (~> 0.5)
      rack (>= 1.2, < 3)
    omniauth (1.6.1)
      hashie (>= 3.4.6, < 3.6.0)
      rack (>= 1.6.2, < 3)
    omniauth-gds (3.2.1)
      multi_json (~> 1.10)
      omniauth-oauth2 (= 1.3.1)
    omniauth-oauth2 (1.3.1)
      oauth2 (~> 1.0)
      omniauth (~> 1.2)
    ox (2.8.2)
    parallel (1.12.1)
    parser (2.5.3.0)
      ast (~> 2.4.0)
    pg (1.1.3)
    plek (1.11.0)
    powerpack (0.1.2)
    pry (0.10.1)
      coderay (~> 1.1.0)
      method_source (~> 0.8.1)
      slop (~> 3.4)
    pry-byebug (3.3.0)
      byebug (~> 8.0)
      pry (~> 0.10)
    pry-rails (0.3.4)
      pry (>= 0.9.10)
    public_suffix (2.0.5)
    puma (3.11.2)
    rabl (0.13.1)
      activesupport (>= 2.3.14)
    rack (2.0.6)
    rack-protection (2.0.2)
      rack
    rack-test (1.1.0)
      rack (>= 1.0, < 3)
    rack-timeout (0.4.2)
    rails (5.1.6.1)
      actioncable (= 5.1.6.1)
      actionmailer (= 5.1.6.1)
      actionpack (= 5.1.6.1)
      actionview (= 5.1.6.1)
      activejob (= 5.1.6.1)
      activemodel (= 5.1.6.1)
      activerecord (= 5.1.6.1)
      activesupport (= 5.1.6.1)
      bundler (>= 1.3.0)
      railties (= 5.1.6.1)
      sprockets-rails (>= 2.0.0)
    rails-dom-testing (2.0.3)
      activesupport (>= 4.2.0)
      nokogiri (>= 1.6)
    rails-html-sanitizer (1.0.4)
      loofah (~> 2.2, >= 2.2.2)
    rails_12factor (0.0.3)
      rails_serve_static_assets
      rails_stdout_logging
    rails_serve_static_assets (0.0.4)
    rails_stdout_logging (0.0.4)
    railties (5.1.6.1)
      actionpack (= 5.1.6.1)
      activesupport (= 5.1.6.1)
      method_source
      rake (>= 0.8.7)
      thor (>= 0.18.1, < 2.0)
    rainbow (3.0.0)
    rake (12.3.2)
    rb-fsevent (0.10.3)
    rb-inotify (0.10.0)
      ffi (~> 1.0)
    redis (3.3.5)
    redis-actionpack (5.0.2)
      actionpack (>= 4.0, < 6)
      redis-rack (>= 1, < 3)
      redis-store (>= 1.1.0, < 2)
    redis-activesupport (5.0.7)
      activesupport (>= 3, < 6)
      redis-store (>= 1.3, < 2)
    redis-rack (2.0.4)
      rack (>= 1.5, < 3)
      redis-store (>= 1.2, < 2)
    redis-rails (5.0.2)
      redis-actionpack (>= 5.0, < 6)
      redis-activesupport (>= 5.0, < 6)
      redis-store (>= 1.2, < 2)
    redis-store (1.6.0)
      redis (>= 2.2, < 5)
    responders (2.4.0)
      actionpack (>= 4.2.0, < 5.3)
      railties (>= 4.2.0, < 5.3)
    rspec-core (3.5.4)
      rspec-support (~> 3.5.0)
    rspec-expectations (3.5.0)
      diff-lcs (>= 1.2.0, < 2.0)
      rspec-support (~> 3.5.0)
    rspec-mocks (3.5.0)
      diff-lcs (>= 1.2.0, < 2.0)
      rspec-support (~> 3.5.0)
    rspec-rails (3.5.2)
      actionpack (>= 3.0)
      activesupport (>= 3.0)
      railties (>= 3.0)
      rspec-core (~> 3.5.0)
      rspec-expectations (~> 3.5.0)
      rspec-mocks (~> 3.5.0)
      rspec-support (~> 3.5.0)
    rspec-support (3.5.0)
    rspec_junit_formatter (0.2.3)
      builder (< 4)
      rspec-core (>= 2, < 4, != 2.12.0)
    rubocop (0.62.0)
      jaro_winkler (~> 1.5.1)
      parallel (~> 1.10)
      parser (>= 2.5, != 2.5.1.1)
      powerpack (~> 0.1)
      rainbow (>= 2.2.2, < 4.0)
      ruby-progressbar (~> 1.7)
      unicode-display_width (~> 1.4.0)
    rubocop-rspec (1.31.0)
      rubocop (>= 0.60.0)
    ruby-progressbar (1.10.0)
    rufus-scheduler (3.4.2)
      et-orbi (~> 1.0)
    safe_yaml (1.0.4)
    sass (3.7.3)
      sass-listen (~> 4.0.0)
    sass-listen (4.0.0)
      rb-fsevent (~> 0.9, >= 0.9.4)
      rb-inotify (~> 0.9, >= 0.9.7)
    scout_apm (2.4.21)
    scss_lint (0.57.1)
      rake (>= 0.9, < 13)
      sass (~> 3.5, >= 3.5.5)
    sentry-raven (2.7.4)
      faraday (>= 0.7.6, < 1.0)
    sequel (5.16.0)
    sequel-rails (1.0.1)
      actionpack (>= 4.0.0)
      activemodel (>= 4.0.0)
      railties (>= 4.0.0)
      sequel (>= 3.28, < 6.0)
    sidekiq (4.1.4)
      concurrent-ruby (~> 1.0)
      connection_pool (~> 2.2, >= 2.2.0)
      redis (~> 3.2, >= 3.2.1)
      sinatra (>= 1.4.7)
    sidekiq-scheduler (2.1.8)
      redis (~> 3)
      rufus-scheduler (~> 3.2)
      sidekiq (>= 3)
      tilt (>= 1.4.0)
    simplecov (0.14.1)
      docile (~> 1.1.0)
      json (>= 1.8, < 3)
      simplecov-html (~> 0.10.0)
    simplecov-html (0.10.0)
    sinatra (2.0.2)
      mustermann (~> 1.0)
      rack (~> 2.0)
      rack-protection (= 2.0.2)
      tilt (~> 2.0)
    slop (3.6.0)
    sprockets (3.7.2)
      concurrent-ruby (~> 1.0)
      rack (> 1, < 3)
    sprockets-rails (3.2.1)
      actionpack (>= 4.0)
      activesupport (>= 4.0)
      sprockets (>= 3.0.0)
    thor (0.20.3)
    thread_safe (0.3.6)
    tilt (2.0.8)
    tzinfo (1.2.5)
      thread_safe (~> 0.1)
    unicode-display_width (1.4.1)
    warden (1.2.7)
      rack (>= 1.0)
    warden-oauth2 (0.0.1)
      warden
    webmock (3.0.1)
      addressable (>= 2.3.6)
      crack (>= 0.3.2)
      hashdiff
    websocket-driver (0.6.5)
      websocket-extensions (>= 0.1.0)
    websocket-extensions (0.1.3)
    yajl-ruby (1.3.1)

PLATFORMS
  ruby

DEPENDENCIES
  ansi (~> 1.5)
  aws-sdk (~> 2)
  aws-sdk-rails (>= 1.0.1)
  bootsnap
  builder (~> 3.2)
  curb (~> 0.8)
  database_cleaner
  dotenv-rails (>= 2.1.1)
  elasticsearch (= 6.1.0)
  elasticsearch-extensions (= 0.0.30)
  factory_girl_rails (~> 4.8.0)
  fakefs (~> 0.11.0)
  foreman
  forgery
  gds-sso (~> 13, >= 12.1.0)
  govuk-lint
  hashie (~> 3.4)
  holidays
  json_expressions (~> 0.9.0)
  letter_opener
  lograge (>= 0.3.6)
  logstash-event
  multi_json (~> 1.11)
  nokogiri (~> 1.8.1)
  ox (>= 2.8.1)
  pg (~> 1.1, >= 1.1.3)
  plek (~> 1.11)
  pry-byebug
  pry-rails
  puma (~> 3.4)
  rabl (~> 0.12)
  rack-timeout (~> 0.4)
  rails (= 5.1.6.1)
  rails_12factor
  redis-rails
  responders (~> 2.1, >= 2.1.0)
  rspec-rails (~> 3.5.2)
  rspec_junit_formatter
  scout_apm
  sentry-raven
  sequel (~> 5.16.0)
  sequel-rails (~> 1.0.0)
  sidekiq (~> 4.1.4)
  sidekiq-scheduler (~> 2.1.8)
  simplecov (~> 0.14.1)
  sinatra (~> 2.0.2)
  tilt
  webmock (~> 3.0.1)
  yajl-ruby (~> 1.3.1)

RUBY VERSION
   ruby 2.5.3p105

BUNDLED WITH
   1.17.1
